GEM
  remote: https://rubygems.org/
  specs:
    bson (4.4.2)
    json (2.3.0)
    mongo (2.8.0)
      bson (>= 4.4.2, < 5.0.0)
    mustermann (2.0.2)
      ruby2_keywords (~> 0.0.1)
    rack (2.2.9)
    rack-protection (2.2.3)
      rack
    ruby2_keywords (0.0.5)
    sinatra (2.2.3)
      mustermann (~> 2.0)
      rack (~> 2.2)
      rack-protection (= 2.2.3)
      tilt (~> 2.0)
    tilt (2.3.0)

PLATFORMS
  ruby

DEPENDENCIES
  json
  mongo
  sinatra

BUNDLED WITH
   2.0.1
