GEM
  remote: https://rubygems.org/
  specs:
    bson (4.4.2)
    json (2.3.0)
    mongo (2.8.0)
      bson (>= 4.4.2, < 5.0.0)
    mustermann (1.0.3)
    rack (2.0.8)
    rack-protection (2.0.5)
      rack
    sinatra (2.0.5)
      mustermann (~> 1.0)
      rack (~> 2.0)
      rack-protection (= 2.0.5)
      tilt (~> 2.0)
    tilt (2.0.9)

PLATFORMS
  ruby

DEPENDENCIES
  json
  mongo
  sinatra

BUNDLED WITH
   2.0.1
