GEM
  remote: https://rubygems.org/
  specs:
    base64 (0.2.0)
    bson (4.4.2)
    json (2.3.0)
    logger (1.6.1)
    mongo (2.8.0)
      bson (>= 4.4.2, < 5.0.0)
    mustermann (3.0.3)
      ruby2_keywords (~> 0.0.1)
    rack (3.1.12)
    rack-protection (4.1.0)
      base64 (>= 0.1.0)
      logger (>= 1.6.0)
      rack (>= 3.0.0, < 4)
    rack-session (2.0.0)
      rack (>= 3.0.0)
    ruby2_keywords (0.0.5)
    sinatra (4.1.0)
      logger (>= 1.6.0)
      mustermann (~> 3.0)
      rack (>= 3.0.0, < 4)
      rack-protection (= 4.1.0)
      rack-session (>= 2.0.0, < 3)
      tilt (~> 2.0)
    tilt (2.4.0)

PLATFORMS
  ruby

DEPENDENCIES
  json
  mongo
  sinatra

BUNDLED WITH
   2.0.1
